GEM
  remote: http://rubygems.org/
  specs:
    bond (0.4.1)
    json (1.6.1)
    ruby-mp3info (0.6.15)
    wirble (0.1.3)

PLATFORMS
  ruby

DEPENDENCIES
  bond
  json
  ruby-mp3info
  wirble
