GEM
  remote: http://rubygems.org/
  specs:
    ap (0.1.1)
      httparty (>= 0.7.7)
    bond (0.4.1)
    httparty (0.8.1)
      multi_json
      multi_xml
    json (1.6.1)
    multi_json (1.0.3)
    multi_xml (0.4.1)
    ruby-mp3info (0.6.15)
    wirble (0.1.3)

PLATFORMS
  ruby

DEPENDENCIES
  ap
  bond
  json
  ruby-mp3info
  wirble
