GEM
  remote: http://rubygems.org/
  specs:
    bond (0.4.2)
    json (1.7.3)
    ruby-mp3info (0.7.1)
    wirble (0.1.3)

PLATFORMS
  ruby

DEPENDENCIES
  bond
  json
  ruby-mp3info
  wirble
